GEM
  remote: http://gemcutter.org/
  remote: http://gems.github.com/
  remote: http://rubygems.org/
  remote: http://rubygems.org/
  specs:
    acl9 (0.12.0)
    actionmailer (2.3.2)
      actionpack (= 2.3.2)
    actionpack (2.3.2)
      activesupport (= 2.3.2)
    activerecord (2.3.2)
      activesupport (= 2.3.2)
    activeresource (2.3.2)
      activesupport (= 2.3.2)
    activesupport (2.3.2)
    acts-as-taggable-on (2.0.6)
    ambethia-recaptcha (0.2.2)
    authlogic (2.1.6)
      activesupport
    authlogic-oid (1.0.4)
      authlogic
    babosa (0.2.0)
    contacts (1.2.4)
      gdata (= 1.1.1)
      json (>= 0.4.1)
    crack (0.1.8)
    edgarjs-ajaxful_rating (2.1.3)
    friendly_id (3.1.7)
      babosa (~> 0.2.0)
    gdata (1.1.1)
    geokit (1.5.0)
    hashie (0.1.4)
    hoptoad_notifier (2.3.8)
      activesupport
    hpricot (0.8.2)
    httparty (0.4.5)
      crack (>= 0.1.1)
    i18n (0.3.7)
    jackdempsey-acts_as_commentable (2.0.2)
    json (1.4.6)
    json_pure (1.4.6)
    mysql (2.8.1)
    rack (1.0.0)
    rack-cache (0.5)
      rack (>= 0.4)
    rails (2.3.2)
      actionmailer (= 2.3.2)
      actionpack (= 2.3.2)
      activerecord (= 2.3.2)
      activeresource (= 2.3.2)
      activesupport (= 2.3.2)
      rake (>= 0.8.3)
    rake (0.8.7)
    right_aws (2.0.0)
      right_http_connection (>= 1.2.1)
    right_http_connection (1.2.4)
    rpx_now (0.6.23)
      json_pure
    ruby-openid (2.1.8)
    sitemap_generator (1.1.1)
    url_shortener (0.0.6)
      hashie (= 0.1.4)
      httparty (= 0.4.5)
    will_paginate (2.3.15)

PLATFORMS
  ruby

DEPENDENCIES
  acl9
  acts-as-taggable-on
  ambethia-recaptcha
  authlogic
  authlogic-oid
  babosa (= 0.2.0)
  contacts
  crack (= 0.1.8)
  edgarjs-ajaxful_rating
  friendly_id (= 3.1.7)
  geokit
  hashie (= 0.1.4)
  hoptoad_notifier
  hpricot
  httparty (= 0.4.5)
  i18n (~> 0.3.5)
  jackdempsey-acts_as_commentable
  mysql
  rack (= 1.0)
  rack-cache (= 0.5)
  rails (= 2.3.2)
  right_aws
  rpx_now
  ruby-openid
  sitemap_generator
  url_shortener (= 0.0.6)
  will_paginate
