GEM
  remote: https://rubygems.org/
  specs:
    acl9 (0.12.0)
    actionmailer (3.2.13)
      actionpack (= 3.2.13)
      mail (~> 2.5.3)
    actionpack (3.2.13)
      activemodel (= 3.2.13)
      activesupport (= 3.2.13)
      builder (~> 3.0.0)
      erubis (~> 2.7.0)
      journey (~> 1.0.4)
      rack (~> 1.4.5)
      rack-cache (~> 1.2)
      rack-test (~> 0.6.1)
      sprockets (~> 2.2.1)
    activemodel (3.2.13)
      activesupport (= 3.2.13)
      builder (~> 3.0.0)
    activerecord (3.2.13)
      activemodel (= 3.2.13)
      activesupport (= 3.2.13)
      arel (~> 3.0.2)
      tzinfo (~> 0.3.29)
    activeresource (3.2.13)
      activemodel (= 3.2.13)
      activesupport (= 3.2.13)
    activesupport (3.2.13)
      i18n (= 0.6.1)
      multi_json (~> 1.0)
    acts_as_commentable (4.0.0)
    acts_as_tree (0.1.1)
    agent_orange (0.1.6)
    annotate (2.5.0)
      rake
    arel (3.0.2)
    authlogic (3.2.0)
      activerecord (>= 3.0.0)
      activesupport (>= 3.0.0)
    authlogic-oid (1.0.4)
      authlogic
    aws-sdk (1.8.0)
      httparty (~> 0.7)
      json (~> 1.4)
      nokogiri (>= 1.4.4)
      uuidtools (~> 2.1)
    ayah_integration (0.6.3)
      json
      rest-client
    binding_of_caller (0.7.1)
      debug_inspector (>= 0.0.1)
    builder (3.0.4)
    bullet (4.6.0)
      uniform_notifier
    cocaine (0.4.2)
    coffee-rails (3.2.2)
      coffee-script (>= 2.2.0)
      railties (~> 3.2.0)
    coffee-script (2.2.0)
      coffee-script-source
      execjs
    coffee-script-source (1.4.0)
    composite_primary_keys (5.0.10)
      activerecord (~> 3.2.0, >= 3.2.9)
    daemons (1.1.9)
    debug_inspector (0.0.2)
    delayed_job (3.0.4)
      activesupport (~> 3.0)
    delayed_job_active_record (0.3.3)
      activerecord (>= 2.1.0, < 4)
      delayed_job (~> 3.0)
    email_veracity (0.6.0)
    email_verifier (0.0.4)
      rails (>= 3.0.0)
    erubis (2.7.0)
    ethon (0.5.7)
      ffi (~> 1.2.0)
      mime-types (~> 1.18)
    eventmachine (1.0.0)
    execjs (1.4.0)
      multi_json (~> 1.0)
    faraday (0.8.4)
      multipart-post (~> 1.1)
    ffi (1.2.1)
    friendly_id (4.0.9)
    geokit (1.6.5)
      multi_json
    geokit-rails (1.1.4)
      geokit (>= 1.5.0)
    google_map (0.0.4)
    hashie (1.2.0)
    hike (1.2.3)
    hirefireapp (0.0.8)
    hoptoad_notifier (2.4.11)
      activesupport
      builder
    httparty (0.10.0)
      multi_json (~> 1.0)
      multi_xml
    httpauth (0.2.0)
    i18n (0.6.1)
    journey (1.0.4)
    jquery-rails (2.1.4)
      railties (>= 3.0, < 5.0)
      thor (>= 0.14, < 2.0)
    json (1.8.0)
    json_pure (1.7.6)
    jwt (0.1.5)
      multi_json (>= 1.0)
    mail (2.5.4)
      mime-types (~> 1.16)
      treetop (~> 1.4.8)
    mime-types (1.23)
    multi_json (1.7.7)
    multi_xml (0.5.2)
    multipart-post (1.1.5)
    nokogiri (1.5.6)
    oauth (0.4.7)
    oauth2 (0.8.0)
      faraday (~> 0.8)
      httpauth (~> 0.1)
      jwt (~> 0.1.4)
      multi_json (~> 1.0)
      rack (~> 1.2)
    omniauth (1.1.1)
      hashie (~> 1.2)
      rack
    omniauth-browserid (0.0.1)
      faraday
      multi_json
      omniauth (~> 1.0)
    omniauth-facebook (1.4.1)
      omniauth-oauth2 (~> 1.1.0)
    omniauth-google (1.0.2)
      multi_json
      omniauth (~> 1.0)
      omniauth-oauth
    omniauth-linkedin (0.0.8)
      omniauth-oauth (~> 1.0)
    omniauth-oauth (1.0.1)
      oauth
      omniauth (~> 1.0)
    omniauth-oauth2 (1.1.1)
      oauth2 (~> 0.8.0)
      omniauth (~> 1.0)
    omniauth-twitter (0.0.14)
      multi_json (~> 1.3)
      omniauth-oauth (~> 1.0)
    omniauth-windowslive (0.0.8.1)
      multi_json (>= 1.0.3)
      omniauth-oauth2 (~> 1.0)
    omniauth-yahoo (0.0.4)
      omniauth-oauth (~> 1.0)
    paperclip (3.4.0)
      activemodel (>= 3.0.0)
      activerecord (>= 3.0.0)
      activesupport (>= 3.0.0)
      cocaine (~> 0.4.0)
      mime-types
    pg (0.14.1)
    polyglot (0.3.3)
    query_reviewer (0.1.8)
    rack (1.4.5)
    rack-cache (1.2)
      rack (>= 0.4)
    rack-ssl (1.3.3)
      rack
    rack-test (0.6.2)
      rack (>= 1.0)
    rails (3.2.13)
      actionmailer (= 3.2.13)
      actionpack (= 3.2.13)
      activerecord (= 3.2.13)
      activeresource (= 3.2.13)
      activesupport (= 3.2.13)
      bundler (~> 1.0)
      railties (= 3.2.13)
    railties (3.2.13)
      actionpack (= 3.2.13)
      activesupport (= 3.2.13)
      rack-ssl (~> 1.3.2)
      rake (>= 0.8.7)
      rdoc (~> 3.4)
      thor (>= 0.14.6, < 2.0)
    rake (10.0.4)
    rdoc (3.12.2)
      json (~> 1.4)
    rest-client (1.6.7)
      mime-types (>= 1.16)
    rpx_now (0.6.24)
      json_pure
    sass (3.2.5)
    sass-rails (3.2.6)
      railties (~> 3.2.0)
      sass (>= 3.1.10)
      tilt (~> 1.3)
    sitemap_generator (3.4)
      builder
    sprockets (2.2.2)
      hike (~> 1.2)
      multi_json (~> 1.0)
      rack (~> 1.0)
      tilt (~> 1.1, != 1.3.0)
    thin (1.5.0)
      daemons (>= 1.0.9)
      eventmachine (>= 0.12.6)
      rack (>= 1.0.0)
    thor (0.18.1)
    tilt (1.4.1)
    treetop (1.4.14)
      polyglot
      polyglot (>= 0.3.1)
    typhoeus (0.5.4)
      ethon (~> 0.5.7)
    tzinfo (0.3.37)
    uglifier (1.3.0)
      execjs (>= 0.3.0)
      multi_json (~> 1.0, >= 1.0.2)
    uniform_notifier (1.2.0)
    uuidtools (2.1.3)
    will_paginate (3.0.4)
    zurb-foundation (4.0.9)
      sass (>= 3.2.0)

PLATFORMS
  ruby

DEPENDENCIES
  acl9
  acts_as_commentable
  acts_as_tree (= 0.1.1)
  agent_orange
  annotate (>= 2.5.0)
  authlogic
  authlogic-oid
  aws-sdk
  ayah_integration
  binding_of_caller
  bullet
  coffee-rails (~> 3.2.1)
  composite_primary_keys
  delayed_job
  delayed_job_active_record
  email_veracity
  email_verifier
  friendly_id (~> 4.0.1)
  geokit
  geokit-rails
  google_map
  hirefireapp
  hoptoad_notifier
  httparty (>= 0.8.1)
  jquery-rails
  omniauth
  omniauth-browserid
  omniauth-facebook
  omniauth-google
  omniauth-linkedin
  omniauth-twitter
  omniauth-windowslive
  omniauth-yahoo
  paperclip
  pg
  query_reviewer
  rails (= 3.2.13)
  rpx_now
  sass-rails (~> 3.2.3)
  sitemap_generator
  thin
  typhoeus
  uglifier (>= 1.0.3)
  will_paginate
  zurb-foundation (~> 4.0.0)
