GEM
  remote: http://gems.github.com/
  remote: http://rubygems.org/
  specs:
    acl9 (0.12.0)
    actionmailer (2.3.14)
      actionpack (= 2.3.14)
    actionpack (2.3.14)
      activesupport (= 2.3.14)
      rack (~> 1.1.0)
    activerecord (2.3.14)
      activesupport (= 2.3.14)
    activeresource (2.3.14)
      activesupport (= 2.3.14)
    activesupport (2.3.14)
    acts_as_commentable (2.1.1)
    authlogic (2.1.6)
      activesupport
    authlogic-oid (1.0.4)
      authlogic
    aws-s3 (0.6.2)
      builder
      mime-types
      xml-simple
    babosa (0.2.2)
    builder (3.0.0)
    cocaine (0.2.0)
    completeness-fu (0.5.2)
      activerecord (>= 2.3.3)
    composite_primary_keys (2.3.5.1)
      activerecord (>= 2.3.5)
    crack (0.3.1)
    daemons (1.0.10)
    delayed_job (2.0.7)
      activesupport (~> 2.0)
      daemons (= 1.0.10)
    friendly_id (3.1.8)
      babosa (~> 0.2.0)
    geokit (1.5.0)
    hashie (0.1.4)
    heroku_s3_backup (0.0.1)
      right_aws (~> 1.10)
    hirefireapp (0.0.5)
    hoptoad_notifier (2.4.11)
      activesupport
      builder
    httparty (0.4.5)
      crack (>= 0.1.1)
    i18n (0.4.0)
    json_pure (1.5.3)
    linkedin (0.2.2)
      nokogiri (~> 1.4.4)
      oauth (~> 0.4.0)
    mime-types (1.16)
    nokogiri (1.4.7)
    oauth (0.4.5)
    openid (0.0.1)
    paperclip (2.4.2)
      activerecord (>= 2.3.0)
      activesupport (>= 2.3.2)
      cocaine (>= 0.0.2)
      mime-types
    pg (0.11.0)
    rack (1.1.2)
    rack-cache (0.5)
      rack (>= 0.4)
    rails (2.3.14)
      actionmailer (= 2.3.14)
      actionpack (= 2.3.14)
      activerecord (= 2.3.14)
      activeresource (= 2.3.14)
      activesupport (= 2.3.14)
      rake (>= 0.8.3)
    rake (0.9.2)
    right_aws (1.10.0)
      right_http_connection (>= 1.2.4)
    right_http_connection (1.3.0)
    rpx_now (0.6.23)
      json_pure
    ruby-openid (2.1.8)
    sitemap_generator (1.3.5)
    texticle (1.0.4.20101004123327)
    trueskill (1.0.0)
    url_shortener (0.0.6)
      hashie (= 0.1.4)
      httparty (= 0.4.5)
    will_paginate (2.3.15)
    xml-simple (1.1.0)

PLATFORMS
  ruby

DEPENDENCIES
  acl9 (= 0.12.0)
  acts_as_commentable (= 2.1.1)
  authlogic (= 2.1.6)
  authlogic-oid
  aws-s3 (= 0.6.2)
  completeness-fu (= 0.5.2)
  composite_primary_keys (~> 2.3.5.1)
  delayed_job (= 2.0.7)
  friendly_id (~> 3.1.7)
  geokit (= 1.5.0)
  heroku_s3_backup
  hirefireapp
  hoptoad_notifier
  i18n (= 0.4)
  json_pure (= 1.5.3)
  linkedin
  openid (= 0.0.1)
  paperclip (~> 2.3)
  pg
  rack-cache (= 0.5)
  rails (~> 2.3.8)
  rpx_now (= 0.6.23)
  ruby-openid
  sitemap_generator (= 1.3.5)
  texticle
  trueskill
  url_shortener (= 0.0.6)
  will_paginate (= 2.3.15)
