GEM
  remote: http://rubygems.org/
  remote: http://rubygems.org/
  remote: http://gems.github.com/
  remote: http://rubygems.org/
  specs:
    abstract (1.0.0)
    acl9 (0.12.0)
    actionmailer (2.3.8)
      actionpack (= 2.3.8)
    actionpack (2.3.8)
      activesupport (= 2.3.8)
      rack (~> 1.1.0)
    activerecord (2.3.8)
      activesupport (= 2.3.8)
    activeresource (2.3.8)
      activesupport (= 2.3.8)
    activesupport (2.3.8)
    acts_as_commentable (2.1.1)
    authlogic (2.1.6)
      activesupport
    authlogic-oid (1.0.4)
      authlogic
    aws-s3 (0.6.2)
      builder
      mime-types
      xml-simple
    babosa (0.3.3)
    builder (3.0.0)
    colored (1.2)
    completeness-fu (0.5.2)
      activerecord (>= 2.3.3)
    configuration (1.2.0)
    contacts (1.2.4)
      gdata (= 1.1.1)
      json (>= 0.4.1)
    crack (0.1.8)
    daemons (1.0.10)
    delayed_job (2.0.7)
      activesupport (~> 2.0)
      daemons (= 1.0.10)
    erubis (2.6.6)
      abstract (>= 1.0.0)
    fattr (2.2.0)
    friendly_id (3.2.1.1)
      babosa (~> 0.3.0)
    gdata (1.1.1)
    geokit (1.5.0)
    haml (3.0.25)
    hashie (0.1.4)
    heroku (1.20.1)
      launchy (~> 0.3.2)
      rest-client (>= 1.4.0, < 1.7.0)
    heroku_s3_backup (0.0.1)
      right_aws (~> 1.10)
    hirefire (0.1.1)
      heroku (~> 1.20.1)
      rush (~> 0.6.7)
    hoptoad_notifier (2.4.9)
      activesupport
      builder
    httparty (0.4.5)
      crack (>= 0.1.1)
    i18n (0.4.0)
    json (1.5.1)
    json_pure (1.4.6)
    launchy (0.3.7)
      configuration (>= 0.0.5)
      rake (>= 0.8.1)
    mime-types (1.16)
    mysql (2.8.1)
    openid (0.0.1)
    pg (0.10.1)
    rack (1.1.2)
    rack-cache (0.5)
      rack (>= 0.4)
    rails (2.3.8)
      actionmailer (= 2.3.8)
      actionpack (= 2.3.8)
      activerecord (= 2.3.8)
      activeresource (= 2.3.8)
      activesupport (= 2.3.8)
      rake (>= 0.8.3)
    rails_best_practices (0.7.5)
      activesupport
      colored (~> 1.2)
      erubis (~> 2.6.6)
      haml (~> 3.0.18)
      i18n
      ruby-progressbar (~> 0.0.9)
      ruby_parser (~> 2.0.4)
    rake (0.8.7)
    rest-client (1.6.1)
      mime-types (>= 1.16)
    right_aws (1.10.0)
      right_http_connection (>= 1.2.4)
    right_http_connection (1.3.0)
    rpx_now (0.6.23)
      json_pure
    ruby-openid (2.1.8)
    ruby-progressbar (0.0.9)
    ruby_parser (2.0.6)
      sexp_processor (~> 3.0)
    rush (0.6.7)
      session
    session (3.1.0)
      fattr
    sexp_processor (3.0.5)
    sitemap_generator (1.3.5)
    texticle (1.0.4.20101004123327)
    trueskill (1.0.0)
    url_shortener (0.0.6)
      hashie (= 0.1.4)
      httparty (= 0.4.5)
    will_paginate (2.3.15)
    xml-simple (1.0.15)

PLATFORMS
  ruby

DEPENDENCIES
  acl9 (= 0.12.0)
  acts_as_commentable (= 2.1.1)
  authlogic (= 2.1.6)
  authlogic-oid
  aws-s3 (= 0.6.2)
  completeness-fu (= 0.5.2)
  contacts (= 1.2.4)
  delayed_job
  friendly_id (~> 3.1)
  geokit (= 1.5.0)
  heroku_s3_backup
  hirefire
  hoptoad_notifier
  i18n (= 0.4)
  json_pure (= 1.4.6)
  mysql
  openid
  pg
  rack-cache (= 0.5)
  rails (= 2.3.8)
  rails_best_practices
  rpx_now (= 0.6.23)
  ruby-openid
  sitemap_generator (= 1.3.5)
  texticle
  trueskill
  url_shortener (= 0.0.6)
  will_paginate (= 2.3.15)
