GEM
  remote: https://rubygems.org/
  specs:
    acl9 (0.12.1)
      rails (>= 2.3.12)
    actionmailer (3.2.17)
      actionpack (= 3.2.17)
      mail (~> 2.5.4)
    actionpack (3.2.17)
      activemodel (= 3.2.17)
      activesupport (= 3.2.17)
      builder (~> 3.0.0)
      erubis (~> 2.7.0)
      journey (~> 1.0.4)
      rack (~> 1.4.5)
      rack-cache (~> 1.2)
      rack-test (~> 0.6.1)
      sprockets (~> 2.2.1)
    activemodel (3.2.17)
      activesupport (= 3.2.17)
      builder (~> 3.0.0)
    activerecord (3.2.17)
      activemodel (= 3.2.17)
      activesupport (= 3.2.17)
      arel (~> 3.0.2)
      tzinfo (~> 0.3.29)
    activeresource (3.2.17)
      activemodel (= 3.2.17)
      activesupport (= 3.2.17)
    activesupport (3.2.17)
      i18n (~> 0.6, >= 0.6.4)
      multi_json (~> 1.0)
    acts_as_commentable (4.0.1)
    acts_as_tree (0.1.1)
    agent_orange (0.1.6)
    annotate (2.6.2)
      activerecord (>= 2.3.0)
      rake (>= 0.8.7)
    arel (3.0.3)
    authlogic (3.4.0)
      activerecord (>= 3.2)
      activesupport (>= 3.2)
      request_store (~> 1.0.5)
    authlogic-oid (1.0.4)
      authlogic
    aws-sdk (1.37.0)
      json (~> 1.4)
      nokogiri (>= 1.4.4)
      uuidtools (~> 2.1)
    builder (3.0.4)
    climate_control (0.0.3)
      activesupport (>= 3.0)
    cocaine (0.5.3)
      climate_control (>= 0.0.3, < 1.0)
    coffee-rails (3.2.2)
      coffee-script (>= 2.2.0)
      railties (~> 3.2.0)
    coffee-script (2.2.0)
      coffee-script-source
      execjs
    coffee-script-source (1.7.0)
    composite_primary_keys (5.0.14)
      activerecord (~> 3.2.0, >= 3.2.9)
    daemons (1.1.9)
    delayed_job (4.0.0)
      activesupport (>= 3.0, < 4.1)
    delayed_job_active_record (4.0.0)
      activerecord (>= 3.0, < 4.1)
      delayed_job (>= 3.0, < 4.1)
    erubis (2.7.0)
    ethon (0.7.0)
      ffi (>= 1.3.0)
    eventmachine (1.0.3)
    execjs (2.0.2)
    faraday (0.9.0)
      multipart-post (>= 1.2, < 3)
    ffi (1.9.3)
    friendly_id (4.0.10.1)
      activerecord (>= 3.0, < 4.0)
    geokit (1.8.4)
      multi_json (>= 1.3.2)
    geokit-rails (2.0.1)
      geokit (~> 1.5)
      rails (>= 3.0)
    google_map (0.0.4)
    hashie (2.0.5)
    hike (1.2.3)
    hirefireapp (0.2.0)
    hoptoad_notifier (2.4.11)
      activesupport
      builder
    httparty (0.13.0)
      json (~> 1.8)
      multi_xml (>= 0.5.2)
    i18n (0.6.9)
    journey (1.0.4)
    jquery-rails (2.3.0)
      railties (>= 3.0, < 5.0)
      thor (>= 0.14, < 2.0)
    json (1.8.1)
    jwt (0.1.11)
      multi_json (>= 1.5)
    mail (2.5.4)
      mime-types (~> 1.16)
      treetop (~> 1.4.8)
    mime-types (1.25.1)
    mini_portile (0.5.3)
    multi_json (1.9.2)
    multi_xml (0.5.5)
    multipart-post (2.0.0)
    newrelic_rpm (3.7.3.204)
    nokogiri (1.6.1)
      mini_portile (~> 0.5.0)
    oauth (0.4.7)
    oauth2 (0.9.3)
      faraday (>= 0.8, < 0.10)
      jwt (~> 0.1.8)
      multi_json (~> 1.3)
      multi_xml (~> 0.5)
      rack (~> 1.2)
    omniauth (1.2.1)
      hashie (>= 1.2, < 3)
      rack (~> 1.0)
    omniauth-browserid (0.0.1)
      faraday
      multi_json
      omniauth (~> 1.0)
    omniauth-facebook (1.6.0)
      omniauth-oauth2 (~> 1.1)
    omniauth-google (1.0.2)
      multi_json
      omniauth (~> 1.0)
      omniauth-oauth
    omniauth-linkedin (0.1.0)
      omniauth-oauth (~> 1.0)
    omniauth-oauth (1.0.1)
      oauth
      omniauth (~> 1.0)
    omniauth-oauth2 (1.1.2)
      faraday (>= 0.8, < 0.10)
      multi_json (~> 1.3)
      oauth2 (~> 0.9.3)
      omniauth (~> 1.2)
    omniauth-twitter (1.0.1)
      multi_json (~> 1.3)
      omniauth-oauth (~> 1.0)
    omniauth-windowslive (0.0.8.1)
      multi_json (>= 1.0.3)
      omniauth-oauth2 (~> 1.0)
    omniauth-yahoo (0.0.4)
      omniauth-oauth (~> 1.0)
    paperclip (4.1.1)
      activemodel (>= 3.0.0)
      activesupport (>= 3.0.0)
      cocaine (~> 0.5.3)
      mime-types
    pg (0.17.0)
    polyglot (0.3.4)
    rack (1.4.5)
    rack-cache (1.2)
      rack (>= 0.4)
    rack-ssl (1.3.4)
      rack
    rack-test (0.6.2)
      rack (>= 1.0)
    rails (3.2.17)
      actionmailer (= 3.2.17)
      actionpack (= 3.2.17)
      activerecord (= 3.2.17)
      activeresource (= 3.2.17)
      activesupport (= 3.2.17)
      bundler (~> 1.0)
      railties (= 3.2.17)
    railties (3.2.17)
      actionpack (= 3.2.17)
      activesupport (= 3.2.17)
      rack-ssl (~> 1.3.2)
      rake (>= 0.8.7)
      rdoc (~> 3.4)
      thor (>= 0.14.6, < 2.0)
    rake (10.2.2)
    rdoc (3.12.2)
      json (~> 1.4)
    request_store (1.0.5)
    sass (3.3.4)
    sass-rails (3.2.6)
      railties (~> 3.2.0)
      sass (>= 3.1.10)
      tilt (~> 1.3)
    sitemap_generator (5.0.1)
      builder
    sprockets (2.2.2)
      hike (~> 1.2)
      multi_json (~> 1.0)
      rack (~> 1.0)
      tilt (~> 1.1, != 1.3.0)
    thin (1.6.2)
      daemons (>= 1.0.9)
      eventmachine (>= 1.0.0)
      rack (>= 1.0.0)
    thor (0.19.1)
    tilt (1.4.1)
    timeliness (0.3.7)
    treetop (1.4.15)
      polyglot
      polyglot (>= 0.3.1)
    typhoeus (0.6.8)
      ethon (>= 0.7.0)
    tzinfo (0.3.39)
    uglifier (2.5.0)
      execjs (>= 0.3.0)
      json (>= 1.8.0)
    uuidtools (2.1.4)
    validates_timeliness (3.0.14)
      timeliness (~> 0.3.6)
    will_paginate (3.0.5)
    zurb-foundation (4.0.9)
      sass (>= 3.2.0)

PLATFORMS
  ruby

DEPENDENCIES
  acl9
  acts_as_commentable
  acts_as_tree (= 0.1.1)
  agent_orange
  annotate (>= 2.5.0)
  authlogic
  authlogic-oid
  aws-sdk
  coffee-rails (~> 3.2.1)
  composite_primary_keys
  delayed_job
  delayed_job_active_record
  friendly_id (~> 4.0.1)
  geokit
  geokit-rails
  google_map
  hirefireapp
  hoptoad_notifier
  httparty (>= 0.8.1)
  jquery-rails (= 2.3.0)
  newrelic_rpm
  omniauth
  omniauth-browserid
  omniauth-facebook
  omniauth-google
  omniauth-linkedin
  omniauth-twitter
  omniauth-windowslive
  omniauth-yahoo
  paperclip
  pg (= 0.17.0)
  rails (= 3.2.17)
  sass-rails (~> 3.2.3)
  sitemap_generator
  thin
  typhoeus
  uglifier (>= 1.0.3)
  validates_timeliness (~> 3.0)
  will_paginate
  zurb-foundation (~> 4.0.0)
