PATH
  remote: .
  specs:
    jquery_notify_bar (1.0.0)

GEM
  remote: http://rubygems.org/
  specs:

PLATFORMS
  ruby

DEPENDENCIES
  jquery_notify_bar!
