PATH
  remote: .
  specs:
    authlogic (3.4.0)
      activerecord (>= 3.2)
      activesupport (>= 3.2)
      request_store (~> 1.0.5)

GEM
  remote: https://rubygems.org/
  specs:
    activemodel (4.0.3)
      activesupport (= 4.0.3)
      builder (~> 3.1.0)
    activerecord (4.0.3)
      activemodel (= 4.0.3)
      activerecord-deprecated_finders (~> 1.0.2)
      activesupport (= 4.0.3)
      arel (~> 4.0.0)
    activerecord-deprecated_finders (1.0.3)
    activesupport (4.0.3)
      i18n (~> 0.6, >= 0.6.4)
      minitest (~> 4.2)
      multi_json (~> 1.3)
      thread_safe (~> 0.1)
      tzinfo (~> 0.3.37)
    arel (4.0.2)
    atomic (1.1.15)
    bcrypt (3.1.7)
    bcrypt-ruby (3.1.5)
      bcrypt (>= 3.1.3)
    builder (3.1.4)
    ffi (1.9.3)
    ffi-compiler (0.1.3)
      ffi (>= 1.0.0)
      rake
    i18n (0.6.9)
    minitest (4.7.5)
    multi_json (1.8.4)
    rake (10.1.1)
    request_store (1.0.5)
    scrypt (1.2.0)
      ffi-compiler (>= 0.0.2)
      rake
    sqlite3 (1.3.9)
    thread_safe (0.2.0)
      atomic (>= 1.1.7, < 2)
    timecop (0.7.1)
    tzinfo (0.3.38)

PLATFORMS
  ruby

DEPENDENCIES
  authlogic!
  bcrypt-ruby (>= 3.1.5)
  i18n (>= 0.6.9)
  rake (>= 10.1.1)
  scrypt (>= 1.2.0)
  sqlite3 (>= 1.3.9)
  timecop (>= 0.7.1)
